GEM
  remote: https://rubygems.org/
  specs:
    addressable (2.8.0)
      public_suffix (>= 2.0.2, < 5.0)
    ast (1.1.0)
    backports (3.3.3)
    builder (3.2.2)
    ci_reporter (1.9.2)
      builder (>= 2.1.2)
    crack (0.4.5)
      rexml
    diff-lcs (1.2.4)
    docile (1.1.3)
    hashdiff (1.0.1)
    multi_json (1.9.2)
    parser (2.0.0.pre6)
      ast (~> 1.1)
      slop (~> 3.4, >= 3.4.5)
    powerpack (0.0.3)
    public_suffix (4.0.6)
    rainbow (1.1.4)
    rake (10.1.0)
    redcarpet (3.0.0)
    rexml (3.2.5)
    rspec (3.0.0)
      rspec-core (~> 3.0.0)
      rspec-expectations (~> 3.0.0)
      rspec-mocks (~> 3.0.0)
    rspec-core (3.0.4)
      rspec-support (~> 3.0.0)
    rspec-expectations (3.0.4)
      diff-lcs (>= 1.2.0, < 2.0)
      rspec-support (~> 3.0.0)
    rspec-mocks (3.0.4)
      rspec-support (~> 3.0.0)
    rspec-support (3.0.4)
    rubocop (0.11.1)
      backports (~> 3.3.3)
      parser (~> 2.0.0.pre6)
      powerpack (~> 0.0.3)
      rainbow (>= 1.1.4)
    simplecov (0.8.2)
      docile (~> 1.1.0)
      multi_json
      simplecov-html (~> 0.8.0)
    simplecov-html (0.8.0)
    simplecov-rcov (0.2.3)
      simplecov (>= 0.4.1)
    slop (3.4.6)
    tee (1.0.0)
    webmock (3.13.0)
      addressable (>= 2.3.6)
      crack (>= 0.3.2)
      hashdiff (>= 0.4.0, < 2.0.0)
    yard (0.8.7)

PLATFORMS
  ruby

DEPENDENCIES
  ci_reporter
  rainbow (~> 1.1)
  rake
  redcarpet
  rspec
  rubocop (~> 0.11.1)
  simplecov-rcov
  tee
  webmock (>= 1.18.0)
  yard

BUNDLED WITH
   2.1.4
